GEM
  specs:

PLATFORMS
  ruby
  x64-mingw32

DEPENDENCIES
